GEM
  specs:
    roscil (1.0.0)

PLATFORMS
  ruby

DEPENDENCIES
  roscil
