GEM
  remote: https://rubygems.org/
  specs:
    alsa-rawmidi (0.2.14)
      ffi (>= 1.0)
    ffi (1.9.3)
    ffi-coremidi (0.2.0)
      ffi (>= 1.0)
    micromidi (0.0.9)
      midi-eye (>= 0.1.3)
      midi-message (>= 0.2.2)
      unimidi (>= 0.2.3)
    midi-eye (0.2.2)
      midi-message
      midi-nibbler
      unimidi
    midi-jruby (0.0.12)
    midi-message (0.3.2)
    midi-nibbler (0.1.1)
      midi-message
    midi-winmm (0.1.10)
      ffi (>= 1.0)
    midilib (2.0.4)
    roscil (1.0.0)
    unimidi (0.3.5)
      alsa-rawmidi (~> 0)
      ffi-coremidi (~> 0)
      midi-jruby (~> 0)
      midi-winmm (~> 0)

PLATFORMS
  ruby

DEPENDENCIES
  micromidi
  midilib
  roscil
